GEM
  remote: http://rubygems.org/
  specs:
    activemodel (3.0.5)
      activesupport (= 3.0.5)
      builder (~> 2.1.2)
      i18n (~> 0.4)
    activerecord (3.0.5)
      activemodel (= 3.0.5)
      activesupport (= 3.0.5)
      arel (~> 2.0.2)
      tzinfo (~> 0.3.23)
    activesupport (3.0.5)
    arel (2.0.9)
    builder (2.1.2)
    i18n (0.5.0)
    paperclip (2.3.8)
      activerecord
      activesupport
    tiny_mce (0.1.4)
    tzinfo (0.3.25)

PLATFORMS
  ruby

DEPENDENCIES
  paperclip
  tiny_mce
