GEM
  remote: http://rubygems.org/
  specs:
    actionmailer
      actionpack
    actionpack
      activesupport
      rack
    activerecord
      activesupport
    activeresource
      activesupport
    activesupport
    aws-s3
      builder
      mime-types
      xml-simple
    builder
    cocaine
    mime-types
    paperclip
      activerecord
      activesupport
      cocaine
      mime-types
    rack
    rails
      actionmailer
      actionpack
      activerecord
      activeresource
      activesupport
      rake
    rake
    tiny_mce
    will_paginate
    xml-simple

PLATFORMS
  ruby

DEPENDENCIES
  aws-s3
  paperclip
  rails
  tiny_mce
  will_paginate
